GEM
  remote: https://rubygems.org/
  specs:
    os (1.0.0)

PLATFORMS
  x86-mingw32

DEPENDENCIES
  os

BUNDLED WITH
   2.0.1
